GIT
  remote: git://github.com/mbleigh/acts-as-taggable-on.git
  revision: bc841d958d45d5cc2f73cfe6aff8f682258b22b2
  specs:
    acts-as-taggable-on (3.5.0)
      activerecord (>= 4.0)

GIT
  remote: git://github.com/mbleigh/seed-fu.git
  revision: 9d393b28e1a1374b7f81205c586aec38f5c7063a
  specs:
    seed-fu (2.3.6)
      activerecord (>= 3.1)
      activesupport (>= 3.1)

GIT
  remote: git://github.com/tylergannon/default_value_for.git
  revision: fac207d6f7252424dd599a7c8cc448fb8ee0960f
  specs:
    default_value_for (3.0.1)
      activerecord (>= 3.2.0, < 5.0)

GEM
  remote: https://rubygems.org/
  specs:
    actioncable (5.0.0.rc2)
      actionpack (= 5.0.0.rc2)
      nio4r (~> 1.2)
      websocket-driver (~> 0.6.1)
    actionmailer (5.0.0.rc2)
      actionpack (= 5.0.0.rc2)
      actionview (= 5.0.0.rc2)
      activejob (= 5.0.0.rc2)
      mail (~> 2.5, >= 2.5.4)
      rails-dom-testing (~> 1.0, >= 1.0.5)
    actionpack (5.0.0.rc2)
      actionview (= 5.0.0.rc2)
      activesupport (= 5.0.0.rc2)
      rack (~> 2.x)
      rack-test (~> 0.6.3)
      rails-dom-testing (~> 1.0, >= 1.0.5)
      rails-html-sanitizer (~> 1.0, >= 1.0.2)
    actionview (5.0.0.rc2)
      activesupport (= 5.0.0.rc2)
      builder (~> 3.1)
      erubis (~> 2.7.0)
      rails-dom-testing (~> 1.0, >= 1.0.5)
      rails-html-sanitizer (~> 1.0, >= 1.0.2)
    activejob (5.0.0.rc2)
      activesupport (= 5.0.0.rc2)
      globalid (>= 0.3.6)
    activemodel (5.0.0.rc2)
      activesupport (= 5.0.0.rc2)
    activerecord (5.0.0.rc2)
      activemodel (= 5.0.0.rc2)
      activesupport (= 5.0.0.rc2)
      arel (~> 7.0)
    activesupport (5.0.0.rc2)
      concurrent-ruby (~> 1.0, >= 1.0.2)
      i18n (~> 0.7)
      minitest (~> 5.1)
      tzinfo (~> 1.1)
    addressable (2.4.0)
    arel (7.0.0)
    bcrypt (3.1.11)
    better_errors (2.1.1)
      coderay (>= 1.0.0)
      erubis (>= 2.6.6)
      rack (>= 0.9.0)
    binding_of_caller (0.7.2)
      debug_inspector (>= 0.0.1)
    builder (3.2.2)
    byebug (9.0.5)
    cancancan (1.15.0)
    climate_control (0.0.3)
      activesupport (>= 3.0)
    cocaine (0.5.8)
      climate_control (>= 0.0.3, < 1.0)
    coderay (1.1.1)
    coffee-rails (4.1.1)
      coffee-script (>= 2.2.0)
      railties (>= 4.0.0, < 5.1.x)
    coffee-script (2.4.1)
      coffee-script-source
      execjs
    coffee-script-source (1.10.0)
    concurrent-ruby (1.0.2)
    daemons (1.2.3)
    debug_inspector (0.0.2)
    devise (4.2.0)
      bcrypt (~> 3.0)
      orm_adapter (~> 0.1)
      railties (>= 4.1.0, < 5.1)
      responders
      warden (~> 1.2.3)
    erubis (2.7.0)
    eventmachine (1.2.0.1)
    execjs (2.7.0)
    ffi (1.9.10)
    globalid (0.3.6)
      activesupport (>= 4.1.0)
    haml (4.0.7)
      tilt
    i18n (0.7.0)
    jbuilder (2.5.0)
      activesupport (>= 3.0.0, < 5.1)
      multi_json (~> 1.2)
    libv8 (3.16.14.15)
    listen (3.0.8)
      rb-fsevent (~> 0.9, >= 0.9.4)
      rb-inotify (~> 0.9, >= 0.9.7)
    loofah (2.0.3)
      nokogiri (>= 1.5.9)
    mail (2.6.4)
      mime-types (>= 1.16, < 4)
    method_source (0.8.2)
    mime-types (3.1)
      mime-types-data (~> 3.2015)
    mime-types-data (3.2016.0521)
    mimemagic (0.3.1)
    mini_portile2 (2.1.0)
    minitest (5.9.0)
    multi_json (1.12.1)
    nio4r (1.2.1)
    nokogiri (1.6.8)
      mini_portile2 (~> 2.1.0)
      pkg-config (~> 1.1.7)
    orm_adapter (0.5.0)
    paperclip (5.0.0)
      activemodel (>= 4.2.0)
      activesupport (>= 4.2.0)
      cocaine (~> 0.5.5)
      mime-types
      mimemagic (~> 0.3.0)
    pg (0.18.4)
    pkg-config (1.1.7)
    rack (2.0.1)
    rack-test (0.6.3)
      rack (>= 1.0)
    rails (5.0.0.rc2)
      actioncable (= 5.0.0.rc2)
      actionmailer (= 5.0.0.rc2)
      actionpack (= 5.0.0.rc2)
      actionview (= 5.0.0.rc2)
      activejob (= 5.0.0.rc2)
      activemodel (= 5.0.0.rc2)
      activerecord (= 5.0.0.rc2)
      activesupport (= 5.0.0.rc2)
      bundler (>= 1.3.0, < 2.0)
      railties (= 5.0.0.rc2)
      sprockets-rails (>= 2.0.0)
    rails-deprecated_sanitizer (1.0.3)
      activesupport (>= 4.2.0.alpha)
    rails-dom-testing (1.0.7)
      activesupport (>= 4.2.0.beta, < 5.0)
      nokogiri (~> 1.6.0)
      rails-deprecated_sanitizer (>= 1.0.1)
    rails-html-sanitizer (1.0.3)
      loofah (~> 2.0)
    railties (5.0.0.rc2)
      actionpack (= 5.0.0.rc2)
      activesupport (= 5.0.0.rc2)
      method_source
      rake (>= 0.8.7)
      thor (>= 0.18.1, < 2.0)
    rake (11.2.2)
    rb-fsevent (0.9.7)
    rb-inotify (0.9.7)
      ffi (>= 0.5.0)
    ref (2.0.0)
    responders (2.2.0)
      railties (>= 4.2.0, < 5.1)
    rmagick (2.15.4)
    rolify (5.1.0)
    sass (3.4.22)
    sass-rails (5.0.5)
      railties (>= 4.0.0, < 6)
      sass (~> 3.1)
      sprockets (>= 2.8, < 4.0)
      sprockets-rails (>= 2.0, < 4.0)
      tilt (>= 1.1, < 3)
    spring (1.7.2)
    spring-watcher-listen (2.0.0)
      listen (>= 2.7, < 4.0)
      spring (~> 1.2)
    sprockets (3.6.3)
      concurrent-ruby (~> 1.0)
      rack (> 1, < 3)
    sprockets-rails (3.1.1)
      actionpack (>= 4.0)
      activesupport (>= 4.0)
      sprockets (>= 3.0.0)
    therubyracer (0.12.2)
      libv8 (~> 3.16.14.0)
      ref
    thin (1.7.0)
      daemons (~> 1.0, >= 1.0.9)
      eventmachine (~> 1.0, >= 1.0.4)
      rack (>= 1, < 3)
    thor (0.19.1)
    thread_safe (0.3.5)
    tilt (2.0.5)
    timeliness (0.3.8)
    turbolinks (5.0.0)
      turbolinks-source (~> 5)
    turbolinks-source (5.0.0)
    tzinfo (1.2.2)
      thread_safe (~> 0.1)
    uglifier (3.0.0)
      execjs (>= 0.3.0, < 3)
    validate_url (1.0.2)
      activemodel (>= 3.0.0)
      addressable
    validates_timeliness (4.0.2)
      timeliness (~> 0.3.7)
    warden (1.2.6)
      rack (>= 1.0)
    websocket-driver (0.6.4)
      websocket-extensions (>= 0.1.0)
    websocket-extensions (0.1.2)

PLATFORMS
  ruby

DEPENDENCIES
  acts-as-taggable-on!
  better_errors
  binding_of_caller
  byebug
  cancancan
  coffee-rails (~> 4.1.0)
  default_value_for!
  devise
  haml
  jbuilder (~> 2.5)
  listen (~> 3.0.5)
  paperclip
  pg (~> 0.18)
  rails (= 5.0.0.rc2)
  rmagick
  rolify
  sass-rails (~> 5.0)
  seed-fu!
  spring
  spring-watcher-listen (~> 2.0.0)
  therubyracer
  thin
  turbolinks (~> 5.x)
  uglifier (>= 1.3.0)
  validate_url
  validates_timeliness

RUBY VERSION
   ruby 2.3.1p112

BUNDLED WITH
   1.12.5
